GEM
  remote: http://rubygems.org/
  specs:
    addressable (2.3.2)
    coderay (1.0.7)
    columnize (0.3.6)
    crack (0.3.1)
    debugger (1.2.0)
      columnize (>= 0.3.1)
      debugger-linecache (~> 1.1.1)
      debugger-ruby_core_source (~> 1.1.3)
    debugger-linecache (1.1.2)
      debugger-ruby_core_source (>= 1.1.1)
    debugger-ruby_core_source (1.1.3)
    faker (1.0.1)
      i18n (~> 0.4)
    faraday (0.8.4)
      multipart-post (~> 1.1)
    geokit (1.6.5)
      multi_json
    geoloqi (0.9.38)
      faraday (>= 0.6.1)
      json
    hashie (1.2.0)
    i18n (0.6.1)
    json (1.7.5)
    kgio (2.7.4)
    method_source (0.8)
    mime-types (1.19)
    minitest (2.7.0)
    multi_json (1.0.4)
    multipart-post (1.1.5)
    pg (0.14.1)
    pry (0.9.10)
      coderay (~> 1.0.5)
      method_source (~> 0.8)
      slop (~> 3.3.1)
    pry-nav (0.2.2)
      pry (~> 0.9.10)
    rack (1.4.1)
    rack-protection (1.2.0)
      rack
    rack-test (0.6.1)
      rack (>= 1.0)
    rainbows (4.4.1)
      kgio (~> 2.5)
      rack (~> 1.1)
      unicorn (~> 4.1)
    raindrops (0.10.0)
    rake (0.9.2.2)
    rest-client (1.6.7)
      mime-types (>= 1.16)
    sequel (3.33.0)
    shotgun (0.9)
      rack (>= 1.0)
    simplecov (0.5.4)
      multi_json (~> 1.0.3)
      simplecov-html (~> 0.5.3)
    simplecov-html (0.5.3)
    sinatra (1.3.2)
      rack (~> 1.3, >= 1.3.6)
      rack-protection (~> 1.2)
      tilt (~> 1.3, >= 1.3.3)
    sinatra-geoloqi (0.9.3)
      geoloqi (>= 0.9.36)
      sinatra (>= 1.0)
    slop (3.3.3)
    tilt (1.3.3)
    tzinfo (0.3.31)
    unicorn (4.3.1)
      kgio (~> 2.6)
      rack
      raindrops (~> 0.7)
    webmock (1.7.7)
      addressable (~> 2.2, > 2.2.5)
      crack (>= 0.1.7)

PLATFORMS
  ruby

DEPENDENCIES
  debugger
  faker (= 1.0.1)
  geokit (= 1.6.5)
  geoloqi (= 0.9.38)
  hashie (= 1.2.0)
  minitest (= 2.7.0)
  multi_json (= 1.0.4)
  pg
  pry
  pry-nav
  rack-test (= 0.6.1)
  rainbows
  rake (= 0.9.2.2)
  rest-client (= 1.6.7)
  sequel (= 3.33.0)
  shotgun
  simplecov (= 0.5.4)
  sinatra (= 1.3.2)
  sinatra-geoloqi (= 0.9.3)
  tzinfo (= 0.3.31)
  webmock (= 1.7.7)
