GEM
  remote: http://rubygems.org/
  specs:
    addressable (2.2.7)
    archive-tar-minitar (0.5.2)
    columnize (0.3.6)
    crack (0.3.1)
    faker (1.0.1)
      i18n (~> 0.4)
    faraday (0.7.6)
      addressable (~> 2.2)
      multipart-post (~> 1.1)
      rack (~> 1.1)
    geokit (1.6.5)
      multi_json
    geoloqi (0.9.38)
      faraday (>= 0.6.1)
      json
    hashie (1.2.0)
    i18n (0.6.0)
    json (1.6.5)
    kgio (2.7.2)
    linecache19 (0.5.12)
      ruby_core_source (>= 0.1.4)
    mime-types (1.17.2)
    minitest (2.7.0)
    multi_json (1.0.4)
    multipart-post (1.1.5)
    mysql2 (0.3.11)
    rack (1.4.1)
    rack-protection (1.2.0)
      rack
    rack-test (0.6.1)
      rack (>= 1.0)
    rainbows (4.3.1)
      kgio (~> 2.5)
      rack (~> 1.1)
      unicorn (~> 4.1)
    raindrops (0.8.0)
    rake (0.9.2.2)
    rest-client (1.6.7)
      mime-types (>= 1.16)
    ruby-debug-base19 (0.11.25)
      columnize (>= 0.3.1)
      linecache19 (>= 0.5.11)
      ruby_core_source (>= 0.1.4)
    ruby-debug19 (0.11.6)
      columnize (>= 0.3.1)
      linecache19 (>= 0.5.11)
      ruby-debug-base19 (>= 0.11.19)
    ruby_core_source (0.1.5)
      archive-tar-minitar (>= 0.5.2)
    sequel (3.33.0)
    shotgun (0.9)
      rack (>= 1.0)
    simplecov (0.5.4)
      multi_json (~> 1.0.3)
      simplecov-html (~> 0.5.3)
    simplecov-html (0.5.3)
    sinatra (1.3.2)
      rack (~> 1.3, >= 1.3.6)
      rack-protection (~> 1.2)
      tilt (~> 1.3, >= 1.3.3)
    sinatra-geoloqi (0.9.3)
      geoloqi (>= 0.9.36)
      sinatra (>= 1.0)
    tilt (1.3.3)
    tzinfo (0.3.31)
    unicorn (4.2.0)
      kgio (~> 2.6)
      rack
      raindrops (~> 0.7)
    webmock (1.7.7)
      addressable (~> 2.2, > 2.2.5)
      crack (>= 0.1.7)

PLATFORMS
  ruby

DEPENDENCIES
  faker (= 1.0.1)
  geokit (= 1.6.5)
  geoloqi (= 0.9.38)
  hashie (= 1.2.0)
  minitest (= 2.7.0)
  multi_json (= 1.0.4)
  mysql2 (= 0.3.11)
  rack-test (= 0.6.1)
  rainbows (= 4.3.1)
  rake (= 0.9.2.2)
  rest-client (= 1.6.7)
  ruby-debug19
  sequel (= 3.33.0)
  shotgun
  simplecov (= 0.5.4)
  sinatra (= 1.3.2)
  sinatra-geoloqi (= 0.9.3)
  tzinfo (= 0.3.31)
  webmock (= 1.7.7)
